GEM
  remote: https://rubygems.org/
  specs:

PLATFORMS
  ruby
  x86_64-darwin-18
  x86_64-darwin-22

DEPENDENCIES

BUNDLED WITH
   2.2.32
